GEM
  remote: http://rubygems.org/
  specs:
    ParseTree (3.0.6)
      RubyInline (>= 3.7.0)
      sexp_processor (>= 3.0.0)
    RubyInline (3.8.6)
      ZenTest (~> 4.3)
    ZenTest (4.4.2)
    configuration (1.2.0)
    diff-lcs (1.1.2)
    file-tail (1.0.5)
      spruz (>= 0.1.0)
    growl (1.0.3)
    guard (0.3.0)
      open_gem (~> 1.4.2)
      thor (~> 0.14.6)
    guard-minitest (0.3.0)
      guard (>= 0.2.2)
    haml (3.0.25)
    launchy (0.3.7)
      configuration (>= 0.0.5)
      rake (>= 0.8.1)
    open_gem (1.4.2)
      launchy (~> 0.3.5)
    predicated (0.2.2)
    rack (1.2.1)
    rack-test (0.5.7)
      rack (>= 1.0)
    rake (0.8.7)
    rspec (2.5.0)
      rspec-core (~> 2.5.0)
      rspec-expectations (~> 2.5.0)
      rspec-mocks (~> 2.5.0)
    rspec-core (2.5.1)
    rspec-expectations (2.5.0)
      diff-lcs (~> 1.1.2)
    rspec-mocks (2.5.0)
    ruby2ruby (1.2.5)
      ruby_parser (~> 2.0)
      sexp_processor (~> 3.0)
    ruby_parser (2.0.5)
      sexp_processor (~> 3.0)
    sexp_processor (3.0.5)
    sinatra (1.1.2)
      rack (~> 1.1)
      tilt (~> 1.2)
    sourcify (0.4.0)
      ruby2ruby (>= 1.2.5)
      sexp_processor (>= 3.0.5)
    spruz (0.2.2)
    thor (0.14.6)
    tilt (1.2.2)
    wrong (0.5.0)
      ParseTree (~> 3.0)
      diff-lcs (~> 1.1.2)
      file-tail (~> 1.0)
      predicated (>= 0.2.2)
      ruby2ruby (~> 1.2)
      ruby_parser (~> 2.0.4)
      sexp_processor (~> 3.0)
      sourcify (>= 0.3.0)

PLATFORMS
  ruby

DEPENDENCIES
  growl
  guard-minitest
  haml
  rack
  rack-test
  rspec
  sinatra
  wrong
